GIT
  remote: https://github.com/imathis/fancy-buttons.git
  revision: 52f452d061d5f6282dda3b0062ab2d04311daedd
  specs:
    fancy-buttons (1.0.3)
      compass (>= 0.10.6)

GEM
  remote: http://rubygems.org/
  specs:
    ZenTest (4.4.2)
    actionmailer (2.3.10)
      actionpack (= 2.3.10)
    actionpack (2.3.10)
      activesupport (= 2.3.10)
      rack (~> 1.1.0)
    activerecord (2.3.10)
      activesupport (= 2.3.10)
    activeresource (2.3.10)
      activesupport (= 2.3.10)
    activesupport (2.3.10)
    autotest (4.4.6)
      ZenTest (>= 4.4.1)
    autotest-fsevent (0.2.4)
      sys-uname
    autotest-growl (0.2.9)
    autotest-rails (4.1.0)
      ZenTest
    columnize (0.3.2)
    compass (0.10.6)
      haml (>= 3.0.4)
    crack (0.1.8)
    factory_girl (1.3.2)
    fakeweb (1.3.0)
    fastercsv (1.5.4)
    google-spreadsheet-ruby (0.1.2)
      nokogiri (>= 1.4.3.1)
      oauth (>= 0.3.6)
    haml (3.0.25)
    httparty (0.6.1)
      crack (= 0.1.8)
    json_pure (1.4.6)
    linecache (0.43)
    maruku (0.6.0)
      syntax (>= 1.0.0)
    mime-types (1.16)
    mocha (0.9.10)
      rake
    multipart-post (1.0.1)
    no_peeping_toms (1.1.0)
      activerecord (>= 1.1)
    nokogiri (1.4.4)
    oauth (0.4.4)
    pg (0.10.0)
    rack (1.1.0)
    rails (2.3.10)
      actionmailer (= 2.3.10)
      actionpack (= 2.3.10)
      activerecord (= 2.3.10)
      activeresource (= 2.3.10)
      activesupport (= 2.3.10)
      rake (>= 0.8.3)
    rake (0.8.7)
    redgreen (1.2.2)
    rest-client (1.6.1)
      mime-types (>= 1.16)
    roo (1.9.3)
    ruby-debug (0.10.4)
      columnize (>= 0.1)
      ruby-debug-base (~> 0.10.4.0)
    ruby-debug-base (0.10.4)
      linecache (>= 0.3)
    ruby-ole (1.2.11.1)
    rubyzip (0.9.4)
    shoulda (2.11.3)
    spreadsheet (0.6.5.0)
      ruby-ole
    sqlite3-ruby (1.3.2)
    syntax (1.0.0)
    sys-uname (0.8.5)
    timecop (0.3.5)

PLATFORMS
  ruby

DEPENDENCIES
  autotest
  autotest-fsevent
  autotest-growl
  autotest-rails
  compass
  crack
  factory_girl
  fakeweb
  fancy-buttons!
  fastercsv
  google-spreadsheet-ruby
  haml
  httparty
  json_pure (~> 1.4.3)
  maruku
  mocha
  multipart-post
  no_peeping_toms
  nokogiri
  pg
  rails (= 2.3.10)
  redgreen
  rest-client
  roo
  ruby-debug (~> 0.10.3)
  ruby-ole
  rubyzip
  shoulda
  spreadsheet
  sqlite3-ruby
  timecop
