GEM
  remote: http://rubygems.org/
  specs:
    ZenTest (4.4.2)
    actionmailer (2.3.10)
      actionpack (= 2.3.10)
    actionpack (2.3.10)
      activesupport (= 2.3.10)
      rack (~> 1.1.0)
    activerecord (2.3.10)
      activesupport (= 2.3.10)
    activeresource (2.3.10)
      activesupport (= 2.3.10)
    activesupport (2.3.10)
    autotest (4.4.6)
      ZenTest (>= 4.4.1)
    autotest-fsevent (0.2.4)
      sys-uname
    autotest-growl (0.2.9)
    autotest-rails (4.1.0)
      ZenTest
    aws-s3 (0.6.2)
      builder
      mime-types
      xml-simple
    builder (3.0.0)
    columnize (0.3.2)
    crack (0.1.8)
    factory_girl (1.3.2)
    fastercsv (1.5.4)
    google-spreadsheet-ruby (0.1.2)
      nokogiri (>= 1.4.3.1)
      oauth (>= 0.3.6)
    haml (3.0.25)
    httparty (0.6.1)
      crack (= 0.1.8)
    json_pure (1.4.6)
    linecache (0.43)
    memcache-client (1.8.5)
    mime-types (1.16)
    multipart-post (1.0.1)
    nokogiri (1.4.4)
    oauth (0.4.4)
    paperclip (2.3.8)
      activerecord
      activesupport
    pg (0.10.0)
    rack (1.1.0)
    rails (2.3.10)
      actionmailer (= 2.3.10)
      actionpack (= 2.3.10)
      activerecord (= 2.3.10)
      activeresource (= 2.3.10)
      activesupport (= 2.3.10)
      rake (>= 0.8.3)
    rake (0.8.7)
    rest-client (1.6.1)
      mime-types (>= 1.16)
    roo (1.9.3)
    rspec (1.3.1)
    rspec-rails (1.3.3)
      rack (>= 1.0.0)
      rspec (= 1.3.1)
    ruby-debug (0.10.4)
      columnize (>= 0.1)
      ruby-debug-base (~> 0.10.4.0)
    ruby-debug-base (0.10.4)
      linecache (>= 0.3)
    ruby-ole (1.2.11.1)
    rubyzip (0.9.4)
    shoulda (2.11.3)
    spreadsheet (0.6.5.0)
      ruby-ole
    sqlite3-ruby (1.3.2)
    sys-uname (0.8.5)
    xml-simple (1.0.12)

PLATFORMS
  ruby

DEPENDENCIES
  autotest
  autotest-fsevent
  autotest-growl
  autotest-rails
  aws-s3
  crack
  factory_girl
  fastercsv
  google-spreadsheet-ruby
  haml
  httparty
  json_pure (~> 1.4.3)
  memcache-client (>= 1.7.4)
  multipart-post
  nokogiri
  paperclip
  pg
  rails (= 2.3.10)
  rest-client
  roo
  rspec (= 1.3.1)
  rspec-rails (= 1.3.3)
  ruby-debug (~> 0.10.3)
  ruby-ole
  rubyzip
  shoulda
  spreadsheet
  sqlite3-ruby
