GIT
  remote: git://github.com/patmaddox/no-peeping-toms.git
  revision: 83dbd4cb993ae8e78a38a0f5cad784ca58bb0dcd
  specs:
    no_peeping_toms (2.1.0)
      activerecord (>= 3.0.0)
      activesupport (>= 3.0.0)

GEM
  remote: http://rubygems.org/
  specs:
    ZenTest (4.4.2)
    abstract (1.0.0)
    actionmailer (3.0.5)
      actionpack (= 3.0.5)
      mail (~> 2.2.15)
    actionpack (3.0.5)
      activemodel (= 3.0.5)
      activesupport (= 3.0.5)
      builder (~> 2.1.2)
      erubis (~> 2.6.6)
      i18n (~> 0.4)
      rack (~> 1.2.1)
      rack-mount (~> 0.6.13)
      rack-test (~> 0.5.7)
      tzinfo (~> 0.3.23)
    activemodel (3.0.5)
      activesupport (= 3.0.5)
      builder (~> 2.1.2)
      i18n (~> 0.4)
    activerecord (3.0.5)
      activemodel (= 3.0.5)
      activesupport (= 3.0.5)
      arel (~> 2.0.2)
      tzinfo (~> 0.3.23)
    activeresource (3.0.5)
      activemodel (= 3.0.5)
      activesupport (= 3.0.5)
    activesupport (3.0.5)
    arel (2.0.9)
    autotest (4.4.6)
      ZenTest (>= 4.4.1)
    autotest-fsevent (0.2.4)
      sys-uname
    autotest-growl (0.2.9)
    autotest-rails (4.1.0)
      ZenTest
    builder (2.1.2)
    capistrano (2.5.19)
      highline
      net-scp (>= 1.0.0)
      net-sftp (>= 2.0.0)
      net-ssh (>= 2.0.14)
      net-ssh-gateway (>= 1.0.0)
    compass (0.10.6)
      haml (>= 3.0.4)
    crack (0.1.8)
    erubis (2.6.6)
      abstract (>= 1.0.0)
    factory_girl (1.3.3)
    fakeweb (1.3.0)
    fancy-buttons (1.0.6)
      compass (= 0.10.6)
    google-spreadsheet-ruby (0.1.2)
      nokogiri (>= 1.4.3.1)
      oauth (>= 0.3.6)
    haml (3.0.25)
    highline (1.6.1)
    httparty (0.7.3)
      crack (= 0.1.8)
    i18n (0.5.0)
    mail (2.2.15)
      activesupport (>= 2.3.6)
      i18n (>= 0.4.0)
      mime-types (~> 1.16)
      treetop (~> 1.4.8)
    maruku (0.6.0)
      syntax (>= 1.0.0)
    mime-types (1.16)
    mocha (0.9.10)
      rake
    mynyml-redgreen (0.7.1)
      term-ansicolor (>= 1.0.4)
    net-scp (1.0.4)
      net-ssh (>= 1.99.1)
    net-sftp (2.0.5)
      net-ssh (>= 2.0.9)
    net-ssh (2.1.0)
    net-ssh-gateway (1.0.1)
      net-ssh (>= 1.99.1)
    nokogiri (1.4.4)
    oauth (0.4.4)
    pg (0.10.1)
    polyglot (0.3.1)
    rack (1.2.1)
    rack-mount (0.6.13)
      rack (>= 1.0.0)
    rack-test (0.5.7)
      rack (>= 1.0)
    rails (3.0.5)
      actionmailer (= 3.0.5)
      actionpack (= 3.0.5)
      activerecord (= 3.0.5)
      activeresource (= 3.0.5)
      activesupport (= 3.0.5)
      bundler (~> 1.0)
      railties (= 3.0.5)
    railties (3.0.5)
      actionpack (= 3.0.5)
      activesupport (= 3.0.5)
      rake (>= 0.8.7)
      thor (~> 0.14.4)
    rake (0.8.7)
    roo (1.9.3)
    ruby-ole (1.2.11.1)
    rubyzip (0.9.4)
    shoulda (2.11.3)
    spreadsheet (0.6.5.1)
      ruby-ole (>= 1.0)
    sqlite3 (1.3.3)
    sqlite3-ruby (1.3.3)
      sqlite3 (>= 1.3.3)
    syntax (1.0.0)
    sys-uname (0.8.5)
    term-ansicolor (1.0.5)
    thor (0.14.6)
    timecop (0.3.5)
    treetop (1.4.9)
      polyglot (>= 0.3.1)
    tzinfo (0.3.24)

PLATFORMS
  ruby

DEPENDENCIES
  autotest
  autotest-fsevent
  autotest-growl
  autotest-rails
  capistrano
  compass
  factory_girl
  fakeweb
  fancy-buttons
  google-spreadsheet-ruby
  haml
  httparty
  maruku
  mocha
  mynyml-redgreen
  no_peeping_toms!
  nokogiri
  pg
  rails (= 3.0.5)
  roo
  rubyzip
  shoulda
  spreadsheet
  sqlite3-ruby
  timecop
